GIT
  remote: git://github.com/ambethia/passiverecord.git
  revision: cdf0747243e9bbf067ab6fea8cc6cc8f860112b1
  specs:
    passiverecord (0.2)

GIT
  remote: git://github.com/shanti-uva/dictionary_to_terms.git
  revision: 15004eff8d5a12662914fb8e86f0ff398f670f1a
  tag: v0.3.4
  specs:
    dictionary_to_terms (0.3.4)
      rails (>= 5.1.4)

GIT
  remote: git://github.com/shanti-uva/ffi-icu.git
  revision: 6addcb1e54764c999686797cb8c82f494b3c4405
  tag: v0.2.0
  specs:
    ffi-icu (0.2.0)
      ffi (~> 1.0, >= 1.0.9)

GIT
  remote: git://github.com/shanti-uva/flare.git
  revision: 09e53df556db53cc948614c3f08f2223c454c88e
  tag: v1.2.3
  specs:
    flare (1.2.3)
      faraday (~> 0.11.0)
      rails (>= 4.0)
      rsolr (~> 2.0.0.pre3)

GIT
  remote: git://github.com/shanti-uva/kmaps_engine.git
  revision: 2bbdf221b99cf648d32e41cca2cea832cc67f3e9
  tag: v5.7.8
  specs:
    kmaps_engine (5.7.8)
      annotate
      bootsnap (>= 1.1.0)
      coffee-rails (~> 4.2)
      exception_notification
      hpricot
      jbuilder (~> 2.5)
      memcache-client
      pg (~> 0.18)
      puma (~> 3.7)
      rails (>= 5.2)
      turbolinks (~> 5)
      uglifier (~> 4.1, >= 4.1.20)
      will_paginate

GIT
  remote: git://github.com/shanti-uva/resource_controller.git
  revision: 54800be42767e071f075257ef2e3bb1bf465f216
  tag: v0.9.2
  specs:
    resource_controller (0.9.2)

GIT
  remote: git://github.com/shanti-uva/shanti_integration.git
  revision: 3c1ec2ef91ac456cc139da508fd52f98416da727
  tag: v3.4.6
  specs:
    shanti_integration (3.4.6)
      rails (>= 4.0)

GIT
  remote: git://github.com/thl/active_resource_extensions.git
  revision: ba098c7939d19c04bb8e4d5fe14610fe0bc76073
  tag: v2.2.0
  specs:
    active_resource_extensions (2.2.0)
      activeresource
      hpricot
      rails (>= 4.0)

GIT
  remote: git://github.com/thl/acts_as_family_tree.git
  revision: 93231fd487fafe35936fe62f2109067fedd8605d
  tag: v1.1.9
  specs:
    acts_as_family_tree (1.1.9)
      rails (>= 4.0)

GIT
  remote: git://github.com/thl/authenticated_system.git
  revision: a2cf08808e67a71c8d53c6fc5ceca837936a620b
  tag: v2.3.8
  specs:
    authenticated_system (2.3.8)
      rails (>= 4.0)

GIT
  remote: git://github.com/thl/complex_dates.git
  revision: 65c1c55e510cecfbbe65e1ea2a60541426901c00
  tag: v2.2.8
  specs:
    complex_dates (2.2.8)
      pg (~> 0.18)
      rails (>= 4.0)

GIT
  remote: git://github.com/thl/complex_scripts.git
  revision: 2d500f6a882657aa999f1f77a2cde5a4e2555d30
  tag: v3.0.9
  specs:
    complex_scripts (3.0.9)
      hpricot
      passiverecord (= 0.2)
      rails (>= 4.0)

GIT
  remote: git://github.com/thl/interface_utils.git
  revision: 06b4455010929390d642993d6829416150df7301
  tag: v2.3.7
  specs:
    interface_utils (2.3.7)
      rails (>= 4.0)

PATH
  remote: .
  specs:
    terms_engine (0.5.3)
      jbuilder
      rails (>= 5.2)

GEM
  remote: https://rubygems.org/
  specs:
    actioncable (5.2.3)
      actionpack (= 5.2.3)
      nio4r (~> 2.0)
      websocket-driver (>= 0.6.1)
    actionmailer (5.2.3)
      actionpack (= 5.2.3)
      actionview (= 5.2.3)
      activejob (= 5.2.3)
      mail (~> 2.5, >= 2.5.4)
      rails-dom-testing (~> 2.0)
    actionpack (5.2.3)
      actionview (= 5.2.3)
      activesupport (= 5.2.3)
      rack (~> 2.0)
      rack-test (>= 0.6.3)
      rails-dom-testing (~> 2.0)
      rails-html-sanitizer (~> 1.0, >= 1.0.2)
    actionpack-action_caching (1.2.0)
      actionpack (>= 4.0.0, < 6)
    actionpack-page_caching (1.1.0)
      actionpack (>= 4.0.0, < 6)
    actionview (5.2.3)
      activesupport (= 5.2.3)
      builder (~> 3.1)
      erubi (~> 1.4)
      rails-dom-testing (~> 2.0)
      rails-html-sanitizer (~> 1.0, >= 1.0.3)
    activejob (5.2.3)
      activesupport (= 5.2.3)
      globalid (>= 0.3.6)
    activemodel (5.2.3)
      activesupport (= 5.2.3)
    activemodel-serializers-xml (1.0.2)
      activemodel (> 5.x)
      activesupport (> 5.x)
      builder (~> 3.1)
    activerecord (5.2.3)
      activemodel (= 5.2.3)
      activesupport (= 5.2.3)
      arel (>= 9.0)
    activeresource (5.0.0)
      activemodel (>= 5.0, < 6)
      activemodel-serializers-xml (~> 1.0)
      activesupport (>= 5.0, < 6)
    activestorage (5.2.3)
      actionpack (= 5.2.3)
      activerecord (= 5.2.3)
      marcel (~> 0.3.1)
    activesupport (5.2.3)
      concurrent-ruby (~> 1.0, >= 1.0.2)
      i18n (>= 0.7, < 2)
      minitest (~> 5.1)
      tzinfo (~> 1.1)
    addressable (2.5.2)
      public_suffix (>= 2.0.2, < 4.0)
    annotate (3.0.3)
      activerecord (>= 3.2, < 7.0)
      rake (>= 10.4, < 14.0)
    arel (9.0.0)
    bootsnap (1.4.5)
      msgpack (~> 1.0)
    builder (3.2.3)
    byebug (10.0.2)
    capybara (2.18.0)
      addressable
      mini_mime (>= 0.1.3)
      nokogiri (>= 1.3.3)
      rack (>= 1.0.0)
      rack-test (>= 0.5.4)
      xpath (>= 2.0, < 4.0)
    childprocess (0.9.0)
      ffi (~> 1.0, >= 1.0.11)
    coderay (1.1.2)
    coffee-rails (4.2.2)
      coffee-script (>= 2.2.0)
      railties (>= 4.0.0)
    coffee-script (2.4.1)
      coffee-script-source
      execjs
    coffee-script-source (1.12.2)
    concurrent-ruby (1.1.5)
    crass (1.0.5)
    diff-lcs (1.3)
    erubi (1.9.0)
    exception_notification (4.4.0)
      actionmailer (>= 4.0, < 7)
      activesupport (>= 4.0, < 7)
    execjs (2.7.0)
    faraday (0.11.0)
      multipart-post (>= 1.2, < 3)
    ffi (1.9.25)
    globalid (0.4.2)
      activesupport (>= 4.2.0)
    hpricot (0.8.6)
    i18n (1.7.0)
      concurrent-ruby (~> 1.0)
    jbuilder (2.9.1)
      activesupport (>= 4.2.0)
    loofah (2.3.1)
      crass (~> 1.0.2)
      nokogiri (>= 1.5.9)
    mail (2.7.1)
      mini_mime (>= 0.1.1)
    marcel (0.3.3)
      mimemagic (~> 0.3.2)
    memcache-client (1.8.5)
    method_source (0.9.2)
    mimemagic (0.3.3)
    mini_mime (1.0.2)
    mini_portile2 (2.4.0)
    minitest (5.13.0)
    msgpack (1.3.1)
    multipart-post (2.0.0)
    nio4r (2.5.2)
    nokogiri (1.10.5)
      mini_portile2 (~> 2.4.0)
    pg (0.21.0)
    pry (0.11.3)
      coderay (~> 1.1.0)
      method_source (~> 0.9.0)
    pry-byebug (3.6.0)
      byebug (~> 10.0)
      pry (~> 0.10)
    pry-rails (0.3.6)
      pry (>= 0.10.4)
    public_suffix (3.0.3)
    puma (3.12.2)
    rack (2.0.7)
    rack-test (1.1.0)
      rack (>= 1.0, < 3)
    rails (5.2.3)
      actioncable (= 5.2.3)
      actionmailer (= 5.2.3)
      actionpack (= 5.2.3)
      actionview (= 5.2.3)
      activejob (= 5.2.3)
      activemodel (= 5.2.3)
      activerecord (= 5.2.3)
      activestorage (= 5.2.3)
      activesupport (= 5.2.3)
      bundler (>= 1.3.0)
      railties (= 5.2.3)
      sprockets-rails (>= 2.0.0)
    rails-dom-testing (2.0.3)
      activesupport (>= 4.2.0)
      nokogiri (>= 1.6)
    rails-html-sanitizer (1.3.0)
      loofah (~> 2.3)
    rails-observers (0.1.5)
      activemodel (>= 4.0)
    railties (5.2.3)
      actionpack (= 5.2.3)
      activesupport (= 5.2.3)
      method_source
      rake (>= 0.8.7)
      thor (>= 0.19.0, < 2.0)
    rake (13.0.1)
    rsolr (2.0.2)
      builder (>= 2.1.2)
      faraday
    rspec-core (3.8.0)
      rspec-support (~> 3.8.0)
    rspec-expectations (3.8.1)
      diff-lcs (>= 1.2.0, < 2.0)
      rspec-support (~> 3.8.0)
    rspec-mocks (3.8.0)
      diff-lcs (>= 1.2.0, < 2.0)
      rspec-support (~> 3.8.0)
    rspec-rails (3.8.0)
      actionpack (>= 3.0)
      activesupport (>= 3.0)
      railties (>= 3.0)
      rspec-core (~> 3.8.0)
      rspec-expectations (~> 3.8.0)
      rspec-mocks (~> 3.8.0)
      rspec-support (~> 3.8.0)
    rspec-support (3.8.0)
    rubyzip (1.3.0)
    selenium-webdriver (3.14.0)
      childprocess (~> 0.5)
      rubyzip (~> 1.2)
    spawnling (2.1.6)
    sprockets (3.7.2)
      concurrent-ruby (~> 1.0)
      rack (> 1, < 3)
    sprockets-rails (3.2.1)
      actionpack (>= 4.0)
      activesupport (>= 4.0)
      sprockets (>= 3.0.0)
    thor (0.20.3)
    thread_safe (0.3.6)
    turbolinks (5.2.1)
      turbolinks-source (~> 5.2)
    turbolinks-source (5.2.0)
    tzinfo (1.2.5)
      thread_safe (~> 0.1)
    uglifier (4.2.0)
      execjs (>= 0.3.0, < 3)
    websocket-driver (0.7.1)
      websocket-extensions (>= 0.1.0)
    websocket-extensions (0.1.4)
    will_paginate (3.2.1)
    xpath (3.1.0)
      nokogiri (~> 1.8)

PLATFORMS
  ruby

DEPENDENCIES
  actionpack-action_caching
  actionpack-page_caching
  active_resource_extensions (= 2.2.0)!
  activeresource
  acts_as_family_tree (= 1.1.9)!
  authenticated_system (= 2.3.8)!
  byebug
  capybara (~> 2.13)
  complex_dates (= 2.2.8)!
  complex_scripts (= 3.0.9)!
  dictionary_to_terms (= 0.3.4)!
  ffi-icu (= 0.2.0)!
  flare (= 1.2.3)!
  interface_utils (= 2.3.7)!
  kmaps_engine (= 5.7.8)!
  passiverecord (= 0.2)!
  pg
  pry-byebug
  pry-rails
  rails-observers
  resource_controller (= 0.9.2)!
  rspec-rails
  selenium-webdriver
  shanti_integration (= 3.4.6)!
  spawnling
  terms_engine!

BUNDLED WITH
   1.17.3
