GIT
  remote: https://github.com/rails/actionpack-action_caching.git
  revision: 05c821ec84eb79760e95b0a57ae72919eefb0257
  specs:
    actionpack-action_caching (1.2.2)
      actionpack (>= 4.0.0)

GIT
  remote: https://github.com/rails/rails-observers.git
  revision: 389b577322d8b17336730b2dc4e179060a23c8e7
  specs:
    rails-observers (0.2.0)
      activemodel (>= 4.2)

GIT
  remote: https://github.com/shanti-uva/dictionary_to_terms.git
  revision: aa82e19d5f4a64ffc333e15c5464e7e9ecd96b1d
  tag: v0.4.1
  specs:
    dictionary_to_terms (0.4.1)
      rails (>= 5.1.4)

GIT
  remote: https://github.com/shanti-uva/ffi-icu.git
  revision: ad9b6bebbfde2819d2f8cddf19b696616a769503
  tag: v0.2.2
  specs:
    ffi-icu (0.2.2)
      ffi (~> 1.0, >= 1.0.9)

GIT
  remote: https://github.com/shanti-uva/flare.git
  revision: 5c9af566850929473b9c97150e8f13e327a74f43
  tag: v1.4.0
  specs:
    flare (1.4.0)
      activeresource
      daemons
      delayed_job_active_record
      faraday
      pg
      rails
      rsolr (~> 2.0.0.pre3)

GIT
  remote: https://github.com/shanti-uva/kmaps_engine.git
  revision: 7e34a06edf6032e8395be4dabd9eb529b9a7f052
  tag: v6.5.7
  specs:
    kmaps_engine (6.5.7)
      annotate
      bootsnap
      exception_notification
      hpricot
      jbuilder
      memcache-client
      pg
      puma (>= 5.0)
      rails
      will_paginate

GIT
  remote: https://github.com/shanti-uva/resource_controller.git
  revision: 9e1829b5ec8dd609d95e2141f420bd508053a342
  tag: v0.9.4
  specs:
    resource_controller (0.9.4)

GIT
  remote: https://github.com/shanti-uva/shanti_integration.git
  revision: 8d7d3eae3577203f8941619b021eef33cde8173e
  tag: v3.6.1
  specs:
    shanti_integration (3.6.1)
      rails (>= 4.0)

GIT
  remote: https://github.com/thl/active_resource_extensions.git
  revision: 0c9adcd2b2a65cd71c1946e10cd00826125ed324
  tag: v2.2.6
  specs:
    active_resource_extensions (2.2.6)
      activeresource
      hpricot
      rails

GIT
  remote: https://github.com/thl/acts_as_family_tree.git
  revision: 3640b40670745c6872041307a4899edbd965797e
  tag: v1.2.3
  specs:
    acts_as_family_tree (1.2.3)
      rails (>= 4.0)

GIT
  remote: https://github.com/thl/authenticated_system.git
  revision: 6f9a4af2ecf7029c61455c705d0812b9abdd7b40
  tag: v2.4.3
  specs:
    authenticated_system (2.4.3)
      rails (>= 4.0)

GIT
  remote: https://github.com/thl/complex_dates.git
  revision: 9de916caa27ab7e41ae5f11d1b7c1bba249a8c96
  tag: v2.3.8
  specs:
    complex_dates (2.3.8)
      pg
      rails (>= 5.0)

GIT
  remote: https://github.com/thl/complex_scripts.git
  revision: 094ee736d7a2bc701606a7879d1b1e3964ce352b
  tag: v3.1.5
  specs:
    complex_scripts (3.1.5)
      hpricot
      rails (>= 4.0)

GIT
  remote: https://github.com/thl/interface_utils.git
  revision: 3ba84263df7ec8b63a67783e5e36eacf735f33ff
  tag: v2.4.1
  specs:
    interface_utils (2.4.1)
      rails (>= 4.0)

PATH
  remote: .
  specs:
    terms_engine (1.5.5)

GEM
  remote: https://rubygems.org/
  specs:
    actioncable (6.1.7.6)
      actionpack (= 6.1.7.6)
      activesupport (= 6.1.7.6)
      nio4r (~> 2.0)
      websocket-driver (>= 0.6.1)
    actionmailbox (6.1.7.6)
      actionpack (= 6.1.7.6)
      activejob (= 6.1.7.6)
      activerecord (= 6.1.7.6)
      activestorage (= 6.1.7.6)
      activesupport (= 6.1.7.6)
      mail (>= 2.7.1)
    actionmailer (6.1.7.6)
      actionpack (= 6.1.7.6)
      actionview (= 6.1.7.6)
      activejob (= 6.1.7.6)
      activesupport (= 6.1.7.6)
      mail (~> 2.5, >= 2.5.4)
      rails-dom-testing (~> 2.0)
    actionpack (6.1.7.6)
      actionview (= 6.1.7.6)
      activesupport (= 6.1.7.6)
      rack (~> 2.0, >= 2.0.9)
      rack-test (>= 0.6.3)
      rails-dom-testing (~> 2.0)
      rails-html-sanitizer (~> 1.0, >= 1.2.0)
    actionpack-page_caching (1.2.4)
      actionpack (>= 4.0.0)
    actiontext (6.1.7.6)
      actionpack (= 6.1.7.6)
      activerecord (= 6.1.7.6)
      activestorage (= 6.1.7.6)
      activesupport (= 6.1.7.6)
      nokogiri (>= 1.8.5)
    actionview (6.1.7.6)
      activesupport (= 6.1.7.6)
      builder (~> 3.1)
      erubi (~> 1.4)
      rails-dom-testing (~> 2.0)
      rails-html-sanitizer (~> 1.1, >= 1.2.0)
    activejob (6.1.7.6)
      activesupport (= 6.1.7.6)
      globalid (>= 0.3.6)
    activemodel (6.1.7.6)
      activesupport (= 6.1.7.6)
    activemodel-serializers-xml (1.0.2)
      activemodel (> 5.x)
      activesupport (> 5.x)
      builder (~> 3.1)
    activerecord (6.1.7.6)
      activemodel (= 6.1.7.6)
      activesupport (= 6.1.7.6)
    activeresource (5.1.1)
      activemodel (>= 5.0, < 7)
      activemodel-serializers-xml (~> 1.0)
      activesupport (>= 5.0, < 7)
    activestorage (6.1.7.6)
      actionpack (= 6.1.7.6)
      activejob (= 6.1.7.6)
      activerecord (= 6.1.7.6)
      activesupport (= 6.1.7.6)
      marcel (~> 1.0)
      mini_mime (>= 1.1.0)
    activesupport (6.1.7.6)
      concurrent-ruby (~> 1.0, >= 1.0.2)
      i18n (>= 1.6, < 2)
      minitest (>= 5.1)
      tzinfo (~> 2.0)
      zeitwerk (~> 2.3)
    annotate (3.2.0)
      activerecord (>= 3.2, < 8.0)
      rake (>= 10.4, < 14.0)
    base64 (0.2.0)
    bindex (0.8.1)
    bootsnap (1.17.0)
      msgpack (~> 1.2)
    builder (3.2.4)
    byebug (11.1.3)
    coderay (1.1.3)
    concurrent-ruby (1.2.2)
    crass (1.0.6)
    daemons (1.4.1)
    date (3.3.4)
    debug (1.8.0)
      irb (>= 1.5.0)
      reline (>= 0.3.1)
    delayed_job (4.1.11)
      activesupport (>= 3.0, < 8.0)
    delayed_job_active_record (4.1.8)
      activerecord (>= 3.0, < 8.0)
      delayed_job (>= 3.0, < 5)
    diff-lcs (1.4.4)
    erubi (1.12.0)
    exception_notification (4.5.0)
      actionmailer (>= 5.2, < 8)
      activesupport (>= 5.2, < 8)
    faraday (2.7.11)
      base64
      faraday-net_http (>= 2.0, < 3.1)
      ruby2_keywords (>= 0.0.4)
    faraday-net_http (3.0.2)
    ffi (1.16.3)
    globalid (1.2.1)
      activesupport (>= 6.1)
    hpricot (0.8.6)
    i18n (1.14.1)
      concurrent-ruby (~> 1.0)
    io-console (0.6.0)
    irb (1.8.3)
      rdoc
      reline (>= 0.3.8)
    jbuilder (2.11.5)
      actionview (>= 5.0.0)
      activesupport (>= 5.0.0)
    loofah (2.21.4)
      crass (~> 1.0.2)
      nokogiri (>= 1.12.0)
    mail (2.8.1)
      mini_mime (>= 0.1.1)
      net-imap
      net-pop
      net-smtp
    marcel (1.0.2)
    memcache-client (1.8.5)
    method_source (1.0.0)
    mini_mime (1.1.5)
    mini_portile2 (2.8.5)
    minitest (5.20.0)
    msgpack (1.7.2)
    net-imap (0.4.4)
      date
      net-protocol
    net-pop (0.1.2)
      net-protocol
    net-protocol (0.2.2)
      timeout
    net-smtp (0.4.0)
      net-protocol
    nio4r (2.7.0)
    nokogiri (1.16.2)
      mini_portile2 (~> 2.8.2)
      racc (~> 1.4)
    pg (1.5.4)
    pry (0.13.1)
      coderay (~> 1.1)
      method_source (~> 1.0)
    pry-byebug (3.9.0)
      byebug (~> 11.0)
      pry (~> 0.13.0)
    pry-rails (0.3.9)
      pry (>= 0.10.4)
    psych (5.1.1.1)
      stringio
    puma (6.4.2)
      nio4r (~> 2.0)
    racc (1.7.3)
    rack (2.2.8)
    rack-test (2.1.0)
      rack (>= 1.3)
    rails (6.1.7.6)
      actioncable (= 6.1.7.6)
      actionmailbox (= 6.1.7.6)
      actionmailer (= 6.1.7.6)
      actionpack (= 6.1.7.6)
      actiontext (= 6.1.7.6)
      actionview (= 6.1.7.6)
      activejob (= 6.1.7.6)
      activemodel (= 6.1.7.6)
      activerecord (= 6.1.7.6)
      activestorage (= 6.1.7.6)
      activesupport (= 6.1.7.6)
      bundler (>= 1.15.0)
      railties (= 6.1.7.6)
      sprockets-rails (>= 2.0.0)
    rails-dom-testing (2.2.0)
      activesupport (>= 5.0.0)
      minitest
      nokogiri (>= 1.6)
    rails-html-sanitizer (1.6.0)
      loofah (~> 2.21)
      nokogiri (~> 1.14)
    railties (6.1.7.6)
      actionpack (= 6.1.7.6)
      activesupport (= 6.1.7.6)
      method_source
      rake (>= 12.2)
      thor (~> 1.0)
    rake (13.1.0)
    rdoc (6.6.0)
      psych (>= 4.0.0)
    reline (0.4.0)
      io-console (~> 0.5)
    rsolr (2.0.2)
      builder (>= 2.1.2)
      faraday
    rspec-core (3.10.1)
      rspec-support (~> 3.10.0)
    rspec-expectations (3.10.1)
      diff-lcs (>= 1.2.0, < 2.0)
      rspec-support (~> 3.10.0)
    rspec-mocks (3.10.2)
      diff-lcs (>= 1.2.0, < 2.0)
      rspec-support (~> 3.10.0)
    rspec-rails (5.0.2)
      actionpack (>= 5.2)
      activesupport (>= 5.2)
      railties (>= 5.2)
      rspec-core (~> 3.10)
      rspec-expectations (~> 3.10)
      rspec-mocks (~> 3.10)
      rspec-support (~> 3.10)
    rspec-support (3.10.2)
    ruby2_keywords (0.0.5)
    spawnling (2.1.6)
    sprockets (4.2.1)
      concurrent-ruby (~> 1.0)
      rack (>= 2.2.4, < 4)
    sprockets-rails (3.4.2)
      actionpack (>= 5.2)
      activesupport (>= 5.2)
      sprockets (>= 3.0.0)
    stringio (3.0.9)
    thor (1.3.0)
    timeout (0.4.1)
    tzinfo (2.0.6)
      concurrent-ruby (~> 1.0)
    web-console (3.7.0)
      actionview (>= 5.0)
      activemodel (>= 5.0)
      bindex (>= 0.4.0)
      railties (>= 5.0)
    websocket-driver (0.7.6)
      websocket-extensions (>= 0.1.0)
    websocket-extensions (0.1.5)
    will_paginate (4.0.0)
    zeitwerk (2.6.12)

PLATFORMS
  ruby

DEPENDENCIES
  actionpack-action_caching!
  actionpack-page_caching
  active_resource_extensions (= 2.2.6)!
  activeresource
  acts_as_family_tree (= 1.2.3)!
  authenticated_system (= 2.4.3)!
  complex_dates (= 2.3.8)!
  complex_scripts (= 3.1.5)!
  debug
  dictionary_to_terms (= 0.4.1)!
  ffi-icu (= 0.2.2)!
  flare (= 1.4.0)!
  interface_utils (= 2.4.1)!
  kmaps_engine (= 6.5.7)!
  pry-byebug
  pry-rails
  rails-observers!
  resource_controller (= 0.9.4)!
  rspec-rails
  shanti_integration (= 3.6.1)!
  spawnling
  terms_engine!
  web-console

BUNDLED WITH
   2.4.21
