GIT
  remote: https://github.com/rails/actionpack-action_caching.git
  revision: 05c821ec84eb79760e95b0a57ae72919eefb0257
  specs:
    actionpack-action_caching (1.2.2)
      actionpack (>= 4.0.0)

GIT
  remote: https://github.com/rails/rails-observers.git
  revision: 389b577322d8b17336730b2dc4e179060a23c8e7
  specs:
    rails-observers (0.2.0)
      activemodel (>= 4.2)

GIT
  remote: https://github.com/shanti-uva/dictionary_to_terms.git
  revision: 827905d46c571be0c2b8d6d43d47c6f299f140b1
  tag: v0.4.2
  specs:
    dictionary_to_terms (0.4.2)
      rails (>= 5.1.4)

GIT
  remote: https://github.com/shanti-uva/ffi-icu.git
  revision: ad9b6bebbfde2819d2f8cddf19b696616a769503
  tag: v0.2.2
  specs:
    ffi-icu (0.2.2)
      ffi (~> 1.0, >= 1.0.9)

GIT
  remote: https://github.com/shanti-uva/flare.git
  revision: 5c9af566850929473b9c97150e8f13e327a74f43
  tag: v1.4.0
  specs:
    flare (1.4.0)
      activeresource
      daemons
      delayed_job_active_record
      faraday
      pg
      rails
      rsolr (~> 2.0.0.pre3)

GIT
  remote: https://github.com/shanti-uva/kmaps_engine.git
  revision: 759cd3b5207107ceb9466b4caebb59954adc96de
  tag: v6.7.2
  specs:
    kmaps_engine (6.7.2)
      annotate
      bootsnap
      exception_notification
      hpricot
      jbuilder
      memcache-client
      pg
      puma (>= 5.0)
      rails
      will_paginate

GIT
  remote: https://github.com/shanti-uva/resource_controller.git
  revision: 9fb10dc63385fea154258f3072fbcc5bb273158f
  tag: v0.9.5
  specs:
    resource_controller (0.9.5)

GIT
  remote: https://github.com/shanti-uva/shanti_integration.git
  revision: 8d7d3eae3577203f8941619b021eef33cde8173e
  tag: v3.6.1
  specs:
    shanti_integration (3.6.1)
      rails (>= 4.0)

GIT
  remote: https://github.com/thl/active_resource_extensions.git
  revision: ac49ce195c23720c15ff68b9b4c0b19b06b22080
  tag: v2.2.7
  specs:
    active_resource_extensions (2.2.7)
      activeresource
      hpricot
      rails

GIT
  remote: https://github.com/thl/acts_as_family_tree.git
  revision: 9047925aa03bf9219f5264eaa51c09ad0236cf95
  tag: v1.2.4
  specs:
    acts_as_family_tree (1.2.4)
      rails (>= 4.0)

GIT
  remote: https://github.com/thl/authenticated_system.git
  revision: 5ef4efe712335f7b958c7ffb4f7e881a5aac6e83
  tag: v2.4.4
  specs:
    authenticated_system (2.4.4)
      rails (>= 4.0)

GIT
  remote: https://github.com/thl/complex_dates.git
  revision: 9edc8e2950f810f6e5097fbd7c84aad5dad6766a
  tag: v2.4.2
  specs:
    complex_dates (2.4.2)
      pg
      rails (>= 5.0)

GIT
  remote: https://github.com/thl/complex_scripts.git
  revision: 7368fed498bec9e26e7ffc4b41122ff892ff6682
  tag: v3.1.8
  specs:
    complex_scripts (3.1.8)
      hpricot
      rails (>= 4.0)

GIT
  remote: https://github.com/thl/interface_utils.git
  revision: 51851aea144c12fd9c36ef806e394b1c7431b038
  tag: v2.4.2
  specs:
    interface_utils (2.4.2)
      rails (>= 4.0)

GIT
  remote: https://github.com/ycorredius/hpricot.git
  revision: 1eb086570a56514348a35402df0199d7652fd169
  specs:
    hpricot (0.8.7)

PATH
  remote: .
  specs:
    terms_engine (1.9.0)
      ruby-openai
      sprockets-rails

GEM
  remote: https://rubygems.org/
  specs:
    actioncable (7.1.5.1)
      actionpack (= 7.1.5.1)
      activesupport (= 7.1.5.1)
      nio4r (~> 2.0)
      websocket-driver (>= 0.6.1)
      zeitwerk (~> 2.6)
    actionmailbox (7.1.5.1)
      actionpack (= 7.1.5.1)
      activejob (= 7.1.5.1)
      activerecord (= 7.1.5.1)
      activestorage (= 7.1.5.1)
      activesupport (= 7.1.5.1)
      mail (>= 2.7.1)
      net-imap
      net-pop
      net-smtp
    actionmailer (7.1.5.1)
      actionpack (= 7.1.5.1)
      actionview (= 7.1.5.1)
      activejob (= 7.1.5.1)
      activesupport (= 7.1.5.1)
      mail (~> 2.5, >= 2.5.4)
      net-imap
      net-pop
      net-smtp
      rails-dom-testing (~> 2.2)
    actionpack (7.1.5.1)
      actionview (= 7.1.5.1)
      activesupport (= 7.1.5.1)
      nokogiri (>= 1.8.5)
      racc
      rack (>= 2.2.4)
      rack-session (>= 1.0.1)
      rack-test (>= 0.6.3)
      rails-dom-testing (~> 2.2)
      rails-html-sanitizer (~> 1.6)
    actionpack-page_caching (1.2.4)
      actionpack (>= 4.0.0)
    actiontext (7.1.5.1)
      actionpack (= 7.1.5.1)
      activerecord (= 7.1.5.1)
      activestorage (= 7.1.5.1)
      activesupport (= 7.1.5.1)
      globalid (>= 0.6.0)
      nokogiri (>= 1.8.5)
    actionview (7.1.5.1)
      activesupport (= 7.1.5.1)
      builder (~> 3.1)
      erubi (~> 1.11)
      rails-dom-testing (~> 2.2)
      rails-html-sanitizer (~> 1.6)
    activejob (7.1.5.1)
      activesupport (= 7.1.5.1)
      globalid (>= 0.3.6)
    activemodel (7.1.5.1)
      activesupport (= 7.1.5.1)
    activemodel-serializers-xml (1.0.2)
      activemodel (> 5.x)
      activesupport (> 5.x)
      builder (~> 3.1)
    activerecord (7.1.5.1)
      activemodel (= 7.1.5.1)
      activesupport (= 7.1.5.1)
      timeout (>= 0.4.0)
    activeresource (6.1.0)
      activemodel (>= 6.0)
      activemodel-serializers-xml (~> 1.0)
      activesupport (>= 6.0)
    activestorage (7.1.5.1)
      actionpack (= 7.1.5.1)
      activejob (= 7.1.5.1)
      activerecord (= 7.1.5.1)
      activesupport (= 7.1.5.1)
      marcel (~> 1.0)
    activesupport (7.1.5.1)
      base64
      benchmark (>= 0.3)
      bigdecimal
      concurrent-ruby (~> 1.0, >= 1.0.2)
      connection_pool (>= 2.2.5)
      drb
      i18n (>= 1.6, < 2)
      logger (>= 1.4.2)
      minitest (>= 5.1)
      mutex_m
      securerandom (>= 0.3)
      tzinfo (~> 2.0)
    annotate (3.2.0)
      activerecord (>= 3.2, < 8.0)
      rake (>= 10.4, < 14.0)
    base64 (0.2.0)
    benchmark (0.4.0)
    bigdecimal (3.1.9)
    bindex (0.8.1)
    bootsnap (1.18.3)
      msgpack (~> 1.2)
    builder (3.3.0)
    concurrent-ruby (1.3.5)
    connection_pool (2.5.0)
    crass (1.0.6)
    daemons (1.4.1)
    date (3.4.1)
    debug (1.9.2)
      irb (~> 1.10)
      reline (>= 0.3.8)
    delayed_job (4.1.11)
      activesupport (>= 3.0, < 8.0)
    delayed_job_active_record (4.1.8)
      activerecord (>= 3.0, < 8.0)
      delayed_job (>= 3.0, < 5)
    diff-lcs (1.5.1)
    drb (2.2.1)
    erubi (1.13.1)
    event_stream_parser (1.0.0)
    exception_notification (4.5.0)
      actionmailer (>= 5.2, < 8)
      activesupport (>= 5.2, < 8)
    faraday (2.0.0)
      ruby2_keywords (>= 0.0.4)
    faraday-multipart (1.1.0)
      multipart-post (~> 2.0)
    ffi (1.17.0-arm64-darwin)
    globalid (1.2.1)
      activesupport (>= 6.1)
    i18n (1.14.7)
      concurrent-ruby (~> 1.0)
    io-console (0.8.0)
    irb (1.15.1)
      pp (>= 0.6.0)
      rdoc (>= 4.0.0)
      reline (>= 0.4.2)
    jbuilder (2.12.0)
      actionview (>= 5.0.0)
      activesupport (>= 5.0.0)
    logger (1.6.6)
    loofah (2.24.0)
      crass (~> 1.0.2)
      nokogiri (>= 1.12.0)
    mail (2.8.1)
      mini_mime (>= 0.1.1)
      net-imap
      net-pop
      net-smtp
    marcel (1.0.4)
    memcache-client (1.8.5)
    mini_mime (1.1.5)
    minitest (5.25.4)
    msgpack (1.7.2)
    multipart-post (2.4.1)
    mutex_m (0.3.0)
    net-imap (0.5.6)
      date
      net-protocol
    net-pop (0.1.2)
      net-protocol
    net-protocol (0.2.2)
      timeout
    net-smtp (0.5.1)
      net-protocol
    nio4r (2.7.4)
    nokogiri (1.18.3-arm64-darwin)
      racc (~> 1.4)
    pg (1.5.6)
    pp (0.6.2)
      prettyprint
    prettyprint (0.2.0)
    psych (5.2.3)
      date
      stringio
    puma (6.4.3)
      nio4r (~> 2.0)
    racc (1.8.1)
    rack (3.1.12)
    rack-session (2.1.0)
      base64 (>= 0.1.0)
      rack (>= 3.0.0)
    rack-test (2.2.0)
      rack (>= 1.3)
    rackup (2.2.1)
      rack (>= 3)
    rails (7.1.5.1)
      actioncable (= 7.1.5.1)
      actionmailbox (= 7.1.5.1)
      actionmailer (= 7.1.5.1)
      actionpack (= 7.1.5.1)
      actiontext (= 7.1.5.1)
      actionview (= 7.1.5.1)
      activejob (= 7.1.5.1)
      activemodel (= 7.1.5.1)
      activerecord (= 7.1.5.1)
      activestorage (= 7.1.5.1)
      activesupport (= 7.1.5.1)
      bundler (>= 1.15.0)
      railties (= 7.1.5.1)
    rails-dom-testing (2.2.0)
      activesupport (>= 5.0.0)
      minitest
      nokogiri (>= 1.6)
    rails-html-sanitizer (1.6.2)
      loofah (~> 2.21)
      nokogiri (>= 1.15.7, != 1.16.7, != 1.16.6, != 1.16.5, != 1.16.4, != 1.16.3, != 1.16.2, != 1.16.1, != 1.16.0.rc1, != 1.16.0)
    railties (7.1.5.1)
      actionpack (= 7.1.5.1)
      activesupport (= 7.1.5.1)
      irb
      rackup (>= 1.0.0)
      rake (>= 12.2)
      thor (~> 1.0, >= 1.2.2)
      zeitwerk (~> 2.6)
    rake (13.2.1)
    rdoc (6.12.0)
      psych (>= 4.0.0)
    reline (0.6.0)
      io-console (~> 0.5)
    rsolr (2.0.2)
      builder (>= 2.1.2)
      faraday
    rspec-core (3.13.0)
      rspec-support (~> 3.13.0)
    rspec-expectations (3.13.1)
      diff-lcs (>= 1.2.0, < 2.0)
      rspec-support (~> 3.13.0)
    rspec-mocks (3.13.1)
      diff-lcs (>= 1.2.0, < 2.0)
      rspec-support (~> 3.13.0)
    rspec-rails (5.1.2)
      actionpack (>= 5.2)
      activesupport (>= 5.2)
      railties (>= 5.2)
      rspec-core (~> 3.10)
      rspec-expectations (~> 3.10)
      rspec-mocks (~> 3.10)
      rspec-support (~> 3.10)
    rspec-support (3.13.1)
    ruby-openai (7.3.1)
      event_stream_parser (>= 0.3.0, < 2.0.0)
      faraday (>= 1)
      faraday-multipart (>= 1)
    ruby2_keywords (0.0.5)
    sass-rails (6.0.0)
      sassc-rails (~> 2.1, >= 2.1.1)
    sassc (2.4.0)
      ffi (~> 1.9)
    sassc-rails (2.1.2)
      railties (>= 4.0.0)
      sassc (>= 2.0)
      sprockets (> 3.0)
      sprockets-rails
      tilt
    securerandom (0.4.1)
    spawnling (2.1.6)
    sprockets (4.2.1)
      concurrent-ruby (~> 1.0)
      rack (>= 2.2.4, < 4)
    sprockets-rails (3.5.2)
      actionpack (>= 6.1)
      activesupport (>= 6.1)
      sprockets (>= 3.0.0)
    stringio (3.1.4)
    thor (1.3.2)
    tilt (2.4.0)
    timeout (0.4.3)
    tzinfo (2.0.6)
      concurrent-ruby (~> 1.0)
    web-console (4.2.1)
      actionview (>= 6.0.0)
      activemodel (>= 6.0.0)
      bindex (>= 0.4.0)
      railties (>= 6.0.0)
    websocket-driver (0.7.7)
      base64
      websocket-extensions (>= 0.1.0)
    websocket-extensions (0.1.5)
    will_paginate (4.0.1)
    zeitwerk (2.7.2)

PLATFORMS
  arm64-darwin-23
  arm64-darwin-24

DEPENDENCIES
  actionpack-action_caching!
  actionpack-page_caching
  active_resource_extensions (= 2.2.7)!
  activeresource
  acts_as_family_tree (= 1.2.4)!
  authenticated_system (= 2.4.4)!
  complex_dates (= 2.4.2)!
  complex_scripts (= 3.1.8)!
  debug
  dictionary_to_terms (= 0.4.2)!
  ffi-icu (= 0.2.2)!
  flare (= 1.4.0)!
  hpricot!
  interface_utils (= 2.4.2)!
  kmaps_engine (= 6.7.2)!
  rails (~> 7.1.1)
  rails-observers!
  resource_controller (= 0.9.5)!
  rspec-rails
  sass-rails
  shanti_integration (= 3.6.1)!
  spawnling
  terms_engine!
  web-console

RUBY VERSION
   ruby 3.2.2p53

BUNDLED WITH
   2.4.21
